GEM
  specs:
    rake (10.4.2)
    sass (3.4.22)
    scss_lint (0.50.3)
      rake (>= 0.9, < 12)
      sass (~> 3.4.20)

PLATFORMS
  x64-mingw32

DEPENDENCIES
  scss_lint (= 0.50.3)

BUNDLED WITH
   1.13.6
